PATH
  remote: .
  specs:
    brewfinder_cli (0.1.0)

GEM
  remote: https://rubygems.org/
  specs:
    coderay (1.1.3)
    httparty (0.13.7)
      json (~> 1.8)
      multi_xml (>= 0.5.2)
    json (1.8.6)
    method_source (0.8.2)
    multi_xml (0.6.0)
    pry (0.10.4)
      coderay (~> 1.1.0)
      method_source (~> 0.8.1)
      slop (~> 3.4)
    rake (10.5.0)
    slop (3.6.0)

PLATFORMS
  ruby

DEPENDENCIES
  brewfinder_cli!
  bundler (~> 2.0)
  httparty (~> 0.13.7)
  pry (~> 0.10.3)
  rake (~> 10.0)

BUNDLED WITH
   2.1.4
